GEM
  remote: http://rubygems.org/
  remote: http://gems.github.com/
  specs:
    activesupport (2.3.8)
    addressable (2.2.7)
    allison (2.0.3)
    columnize (0.3.6)
    data_objects (0.10.2)
      addressable (~> 2.1)
    dm-core (1.0.0)
      addressable (~> 2.1)
      extlib (~> 0.9.15)
    dm-do-adapter (1.0.0)
      data_objects (~> 0.10.1)
      dm-core (~> 1.0.0)
    dm-migrations (1.0.0)
      dm-core (~> 1.0.0)
    dm-sqlite-adapter (1.0.0)
      dm-do-adapter (~> 1.0.0)
      do_sqlite3 (~> 0.10.2)
    dm-validations (1.0.0)
      dm-core (~> 1.0.0)
    do_sqlite3 (0.10.2)
      data_objects (= 0.10.2)
    echoe (4.5.6)
      allison
      gemcutter
      rubyforge
    extlib (0.9.15)
    gemcutter (0.7.1)
    haml (2.2.24)
    hanna (0.1.12)
      haml (~> 2.2.8)
      rake (~> 0.8.2)
      rdoc (~> 2.3.0)
    highline (1.5.2)
    json_pure (1.6.5)
    linecache (0.46)
      rbx-require-relative (> 0.0.4)
    metaclass (0.0.1)
    mocha (0.10.4)
      metaclass (~> 0.0.1)
    prawn (0.8.4)
      prawn-core (>= 0.8.4, < 0.9)
      prawn-layout (>= 0.8.4, < 0.9)
      prawn-security (>= 0.8.4, < 0.9)
    prawn-core (0.8.4)
    prawn-layout (0.8.4)
    prawn-security (0.8.4)
    rake (0.8.2)
    rbx-require-relative (0.0.5)
    rdoc (2.3.0)
    rspec (1.3.0)
    ruby-debug (0.10.4)
      columnize (>= 0.1)
      ruby-debug-base (~> 0.10.4.0)
    ruby-debug-base (0.10.4)
      linecache (>= 0.3)
    rubyforge (2.0.4)
      json_pure (>= 1.1.7)

PLATFORMS
  ruby

DEPENDENCIES
  activesupport (>= 2.3.5, <= 2.3.8)
  data_objects (= 0.10.2)
  dm-core (= 1.0.0)
  dm-migrations (= 1.0.0)
  dm-sqlite-adapter (= 1.0.0)
  dm-validations (= 1.0.0)
  echoe
  gemcutter (= 0.7.1)
  hanna
  highline (= 1.5.2)
  mocha
  prawn (= 0.8.4)
  rake (= 0.8.2)
  rspec (= 1.3.0)
  ruby-debug
