GEM
  remote: http://rubygems.org/
  remote: http://gems.github.com/
  specs:
    Ascii85 (1.0.1)
    activesupport (2.3.8)
    addressable (2.2.6)
    allison (2.0.3)
    data_objects (0.10.7)
      addressable (~> 2.1)
    dm-core (1.0.0)
      addressable (~> 2.1)
      extlib (~> 0.9.15)
    dm-do-adapter (1.0.0)
      data_objects (~> 0.10.1)
      dm-core (~> 1.0.0)
    dm-migrations (1.0.0)
      dm-core (~> 1.0.0)
    dm-sqlite-adapter (1.0.0)
      dm-do-adapter (~> 1.0.0)
      do_sqlite3 (~> 0.10.2)
    dm-validations (1.0.0)
      dm-core (~> 1.0.0)
    do_sqlite3 (0.10.7)
      data_objects (= 0.10.7)
    echoe (4.5.6)
      allison
      gemcutter
      rubyforge
    extlib (0.9.15)
    gemcutter (0.7.1)
    haml (2.2.24)
    hanna (0.1.12)
      haml (~> 2.2.8)
      rake (~> 0.8.2)
      rdoc (~> 2.3.0)
    highline (1.6.11)
    json_pure (1.6.5)
    metaclass (0.0.1)
    mocha (0.10.3)
      metaclass (~> 0.0.1)
    pdf-reader (1.0.0)
      Ascii85 (~> 1.0.0)
      ruby-rc4
    prawn (0.12.0)
      pdf-reader (>= 0.9.0)
      ttfunk (~> 1.0.2)
    rake (0.8.2)
    rdoc (2.3.0)
    rspec (1.3.0)
    ruby-rc4 (0.1.4)
    rubyforge (2.0.4)
      json_pure (>= 1.1.7)
    ttfunk (1.0.3)

PLATFORMS
  ruby

DEPENDENCIES
  activesupport (>= 2.3.5, <= 2.3.8)
  dm-core (= 1.0.0)
  dm-migrations (= 1.0.0)
  dm-sqlite-adapter (= 1.0.0)
  dm-validations (= 1.0.0)
  echoe
  hanna
  highline (>= 1.5.2)
  mocha
  prawn (>= 0.8.0)
  rake (= 0.8.2)
  rspec (= 1.3.0)
